RESTRICTION: >= net461
NUGET
  remote: https://www.nuget.org/api/v2
    FAKE (4.63.2)
    FSharp.Compiler.Tools (4.1.23)
    FSharp.Core (4.2.3)
    FSharp.Data.XMLProvider (2.3.14159)
    FsPickler (4.0)
      FSharp.Core (>= 3.1)
    FsPickler.Json (4.0)
      FSharp.Core (>= 3.1)
      FsPickler (4.0)
      Newtonsoft.Json (>= 6.0.5)
    Newtonsoft.Json (10.0.3)
